REDIRECTS: ON
NUGET
  remote: https://nuget.org/api/v2
  specs:
    FAKE.Lib (4.8.0)
    FSharp.Core (4.0.0.1)
